GEM
  remote: https://rubygems.org/
  specs:
    thor (1.2.2)

PLATFORMS
  arm64-darwin-22

DEPENDENCIES
  thor

RUBY VERSION
   ruby 3.1.2p20

BUNDLED WITH
   2.4.19
